{
  "AcquisitionMatrixPE": 96,
  "AcquisitionNumber": 1,
  "AcquisitionTime": "14:00:46.477500",
  "BandwidthPerPixelPhaseEncode": 20.425,
  "BaseResolution": 96,
  "BodyPartExamined": "BRAIN",
  "CoilCombinationMethod": "Sum of Squares",
  "ConsistencyInfo": "N4_VE11C_LATEST_20160120",
  "ConversionSoftware": "dcm2niix",
  "ConversionSoftwareVersion": "v1.0.20211006",
  "DerivedVendorReportedEchoSpacing": 0.000509996,
  "DeviceSerialNumber": "166054",
  "DwellTime": 2.3e-06,
  "EchoTime": 0.03,
  "EchoTrainLength": 96,
  "EffectiveEchoSpacing": 0.000509996,
  "FlipAngle": 75,
  "HeudiconvVersion": "0.11.3+d20220512",
  "ImageComments": "Single-band reference",
  "ImageOrientationPatientDICOM": [0.999702, 0.00642042, 0.0235433, 0.00471105, 0.895843, -0.444345],
  "ImageOrientationText": "Tra>Cor(-26.4)>Sag(1.4)",
  "ImageType": [
    "ORIGINAL",
    "PRIMARY",
    "M",
    "ND",
    "MOSAIC"
],
  "ImagingFrequency": 123.26,
  "InPlanePhaseEncodingDirectionDICOM": "COL",
  "InstitutionAddress": "Street StreetNo,City,District,IL,ZIP",
  "InstitutionName": "Weizmann Institute",
  "InstitutionalDepartmentName": "Department",
  "MRAcquisitionType": "2D",
  "MagneticFieldStrength": 3,
  "Manufacturer": "Siemens",
  "ManufacturersModelName": "Prisma",
  "MatrixCoilMode": "SENSE",
  "Modality": "MR",
  "PartialFourier": 1,
  "PatientPosition": "HFS",
  "PercentPhaseFOV": 100,
  "PercentSampling": 100,
  "PhaseEncodingDirection": "j-",
  "PhaseEncodingSteps": 96,
  "PhaseResolution": 1,
  "PixelBandwidth": 2265,
  "ProcedureStepDescription": "Weizmann^Sobel",
  "ProtocolName": "EPI_PSAP_iso2.5",
  "PulseSequenceDetails": "%CustomerSeq%\\cmrr_mbep2d_bold",
  "ReceiveCoilActiveElements": "HEA;HEP",
  "ReceiveCoilName": "Head_32",
  "ReconMatrixPE": 96,
  "RepetitionTime": 2,
  "SAR": 0.0998286,
  "ScanOptions": "FS",
  "ScanningSequence": "EP",
  "SequenceName": "epfid2d1_96",
  "SequenceVariant": "SK\\SS",
  "SeriesDescription": "EPI_PSAP_iso2.5_SBRef",
  "SeriesNumber": 5,
  "ShimSetting": [5904, -4034, -1928, 477, 29, 132, -75, 45],
  "SliceThickness": 2.5,
  "SliceTiming": [0, 0.0725, 0.1425, 0.2125, 0.2825, 0.355, 0.425, 0.495, 0.5675, 0.6375, 0.7075, 0.7775, 0.85, 0.92, 0.99, 1.0625, 1.1325, 1.2025, 1.2725, 1.345, 1.415, 1.485, 1.5575, 1.6275, 1.6975, 1.7675, 1.84, 1.91, 1.98, 2.05, 2.1225, 2.1925, 2.2625, 2.335, 2.405, 2.475, 2.545, 2.6175, 2.6875, 2.7575, 2.83, 2.9, 2.97, 3.04, 3.1125, 3.1825, 3.2525, 3.325, 3.395, 3.465, 3.535, 3.6075, 3.6775, 3.7475, 3.82, 3.89],
  "SoftwareVersions": "syngo MR E11",
  "SpacingBetweenSlices": 2.5,
  "StationName": "AWP166054",
  "TaskName": "PSAP",
  "TotalReadoutTime": 0.0484496,
  "TxRefAmp": 238.7,
  "VendorReportedEchoSpacing": 0.00051,
  "WipMemBlock": "d9af474e-ffcb-4895-9571-e7ce6b952efa||Sequence: R016 ve11c/master r/e634e98; Dec 19 2017 11:00:25 by eja",
  "dcmmeta_affine": [
    [-2.499255418777466, 0.011777620762586594, 0.05985993891954422, 117.7228012084961],
    [-0.016051050275564194, 2.2396085262298584, -1.1108086109161377, -78.5763168334961],
    [0.05885820835828781, 1.110862135887146, 2.238866090774536, -135.07867431640625],
    [0.0, 0.0, 0.0, 1.0]
],
  "dcmmeta_reorient_transform": [
    [0.0, -1.0, 0.0, 95.0],
    [1.0, 0.0, 0.0, 0.0],
    [0.0, 0.0, 1.0, 0.0],
    [0.0, 0.0, 0.0, 1.0]
],
  "dcmmeta_shape": [96, 96, 56],
  "dcmmeta_slice_dim": 2,
  "dcmmeta_version": 0.6,
  "global": {
    "const": {
      "AcquisitionMatrix": [96, 0, 0, 96],
      "AcquisitionNumber": 1,
      "AcquisitionTime": "140046.477500",
      "AngioFlag": "N",
      "BitsAllocated": 16,
      "BitsStored": 16,
      "BodyPartExamined": "BRAIN",
      "Columns": 768,
      "ContentTime": "140150.489000",
      "EchoNumbers": 1,
      "EchoTime": 30.0,
      "EchoTrainLength": 96,
      "FlipAngle": 75.0,
      "HighBit": 15,
      "ImageOrientationPatient": [0.99970220166974, 0.00642042021076, 0.02354328313966, 0.0047110484142, 0.89584343230408, -0.4443448557376],
      "ImagePositionPatient": [-962.54880284806, -892.08813339044, 323.92654857343],
      "ImageType": [
        "ORIGINAL",
        "PRIMARY",
        "M",
        "ND",
        "MOSAIC"
],
      "ImagedNucleus": "1H",
      "ImagingFrequency": 123.260014,
      "InPlanePhaseEncodingDirection": "COL",
      "InstanceCreationTime": "140150.489000",
      "InstanceNumber": 1,
      "LargestImagePixelValue": 38326,
      "MRAcquisitionType": "2D",
      "MagneticFieldStrength": 3.0,
      "Manufacturer": "SIEMENS",
      "ManufacturerModelName": "Prisma",
      "Modality": "MR",
      "NumberOfAverages": 1.0,
      "NumberOfPhaseEncodingSteps": 96,
      "PercentPhaseFieldOfView": 100.0,
      "PercentSampling": 100.0,
      "PerformedProcedureStepStartTime": "135515.298000",
      "PhotometricInterpretation": "MONOCHROME2",
      "PixelBandwidth": 2265.0,
      "PixelRepresentation": 0,
      "PixelSpacing": [2.5, 2.5],
      "ProtocolName": "EPI_PSAP_iso2.5",
      "RepetitionTime": 2000.0,
      "Rows": 768,
      "SAR": 0.09982859087893,
      "SamplesPerPixel": 1,
      "ScanOptions": "FS",
      "ScanningSequence": "EP",
      "SequenceName": "epfid2d1_96",
      "SequenceVariant": [
        "SK",
        "SS"
],
      "SeriesDescription": "EPI_PSAP_iso2.5_SBRef",
      "SeriesNumber": 5,
      "SeriesTime": "140150.485000",
      "SliceLocation": -83.237170235121,
      "SliceThickness": 2.5,
      "SmallestImagePixelValue": 0,
      "SoftwareVersions": "syngo MR E11",
      "SpacingBetweenSlices": 2.4999999912682,
      "SpecificCharacterSet": "ISO_IR 100",
      "StudyID": "1",
      "StudyTime": "135515.223000",
      "TransmitCoilName": "Body",
      "VariableFlipAngleFlag": "N",
      "WindowCenter": 7839.0,
      "WindowCenterWidthExplanation": "Algo1",
      "WindowWidth": 16847.0,
      "dBdt": 0.0},
    "slices": {}
  }
}