{
  "AcquisitionMatrixPE": 96,
  "AcquisitionNumber": 1,
  "AcquisitionTime": "15:36:0.942500",
  "BandwidthPerPixelPhaseEncode": 20.425,
  "BaseResolution": 96,
  "BodyPartExamined": "BRAIN",
  "CoilCombinationMethod": "Sum of Squares",
  "ConsistencyInfo": "N4_VE11C_LATEST_20160120",
  "ConversionSoftware": "dcm2niix",
  "ConversionSoftwareVersion": "v1.0.20211006",
  "DerivedVendorReportedEchoSpacing": 0.000509996,
  "DeviceSerialNumber": "166054",
  "DwellTime": 2.3e-06,
  "EchoTime": 0.03,
  "EchoTrainLength": 96,
  "EffectiveEchoSpacing": 0.000509996,
  "FlipAngle": 75,
  "HeudiconvVersion": "0.11.3+d20220512",
  "ImageComments": "Single-band reference",
  "ImageOrientationPatientDICOM": [0.998447, -0.00267065, 0.0556548, 0.0287611, 0.880197, -0.473737],
  "ImageOrientationText": "Tra>Cor(-28.4)>Sag(2.7)",
  "ImageType": [
    "ORIGINAL",
    "PRIMARY",
    "M",
    "ND",
    "MOSAIC"
],
  "ImagingFrequency": 123.26,
  "InPlanePhaseEncodingDirectionDICOM": "COL",
  "InstitutionAddress": "Street StreetNo,City,District,IL,ZIP",
  "InstitutionName": "Weizmann Institute",
  "InstitutionalDepartmentName": "Department",
  "MRAcquisitionType": "2D",
  "MagneticFieldStrength": 3,
  "Manufacturer": "Siemens",
  "ManufacturersModelName": "Prisma",
  "MatrixCoilMode": "SENSE",
  "Modality": "MR",
  "PartialFourier": 1,
  "PatientPosition": "HFS",
  "PercentPhaseFOV": 100,
  "PercentSampling": 100,
  "PhaseEncodingDirection": "j-",
  "PhaseEncodingSteps": 96,
  "PhaseResolution": 1,
  "PixelBandwidth": 2265,
  "ProcedureStepDescription": "Weizmann^Sobel",
  "ProtocolName": "EPI_PSAP_iso2.5",
  "PulseSequenceDetails": "%CustomerSeq%\\cmrr_mbep2d_bold",
  "ReceiveCoilActiveElements": "HEA;HEP",
  "ReceiveCoilName": "Head_32",
  "ReconMatrixPE": 96,
  "RepetitionTime": 2,
  "SAR": 0.0922016,
  "ScanOptions": "FS",
  "ScanningSequence": "EP",
  "SequenceName": "epfid2d1_96",
  "SequenceVariant": "SK\\SS",
  "SeriesDescription": "EPI_PSAP_iso2.5_SBRef",
  "SeriesNumber": 5,
  "ShimSetting": [5923, -4081, -1901, 528, 65, -61, 182, 12],
  "SliceThickness": 2.5,
  "SliceTiming": [0, 0.07, 0.14, 0.2125, 0.2825, 0.3525, 0.4225, 0.495, 0.565, 0.635, 0.705, 0.7775, 0.8475, 0.9175, 0.99, 1.06, 1.13, 1.2, 1.2725, 1.3425, 1.4125, 1.485, 1.555, 1.625, 1.695, 1.7675, 1.8375, 1.9075, 1.98, 2.05, 2.12, 2.19, 2.2625, 2.3325, 2.4025, 2.475, 2.545, 2.615, 2.685, 2.7575, 2.8275, 2.8975, 2.97, 3.04, 3.11, 3.18, 3.2525, 3.3225, 3.3925, 3.465, 3.535, 3.605, 3.675, 3.7475, 3.8175, 3.8875],
  "SoftwareVersions": "syngo MR E11",
  "SpacingBetweenSlices": 2.5,
  "StationName": "AWP166054",
  "TaskName": "PSAP",
  "TotalReadoutTime": 0.0484496,
  "TxRefAmp": 242.7,
  "VendorReportedEchoSpacing": 0.00051,
  "WipMemBlock": "7ec109dd-818a-47a2-9034-e35ae4ed8916||Sequence: R016 ve11c/master r/e634e98; Dec 19 2017 11:00:25 by eja",
  "dcmmeta_affine": [
    [-2.4961161613464355, 0.07190282642841339, 0.11930497735738754, 115.45791625976562],
    [0.006676619406789541, 2.200491189956665, -1.18650484085083, -66.79754638671875],
    [0.13913704454898834, 1.1843429803848267, 2.1972649097442627, -117.94116973876953],
    [0.0, 0.0, 0.0, 1.0]
],
  "dcmmeta_reorient_transform": [
    [0.0, -1.0, 0.0, 95.0],
    [1.0, 0.0, 0.0, 0.0],
    [0.0, 0.0, 1.0, 0.0],
    [0.0, 0.0, 0.0, 1.0]
],
  "dcmmeta_shape": [96, 96, 56],
  "dcmmeta_slice_dim": 2,
  "dcmmeta_version": 0.6,
  "global": {
    "const": {
      "AcquisitionMatrix": [96, 0, 0, 96],
      "AcquisitionNumber": 1,
      "AcquisitionTime": "153600.942500",
      "AngioFlag": "N",
      "BitsAllocated": 16,
      "BitsStored": 16,
      "BodyPartExamined": "BRAIN",
      "Columns": 768,
      "ContentTime": "153659.611000",
      "EchoNumbers": 1,
      "EchoTime": 30.0,
      "EchoTrainLength": 96,
      "FlipAngle": 75.0,
      "HighBit": 15,
      "ImageOrientationPatient": [0.99844649782511, -0.0026706478092, 0.05565481669237, 0.0287611308365, 0.88019650583961, -0.4737371723443],
      "ImagePositionPatient": [-985.14309360906, -879.37084192816, 345.76058501591],
      "ImageType": [
        "ORIGINAL",
        "PRIMARY",
        "M",
        "ND",
        "MOSAIC"
],
      "ImagedNucleus": "1H",
      "ImagingFrequency": 123.259954,
      "InPlanePhaseEncodingDirection": "COL",
      "InstanceCreationTime": "153659.611000",
      "InstanceNumber": 1,
      "LargestImagePixelValue": 50092,
      "MRAcquisitionType": "2D",
      "MagneticFieldStrength": 3.0,
      "Manufacturer": "SIEMENS",
      "ManufacturerModelName": "Prisma",
      "Modality": "MR",
      "NumberOfAverages": 1.0,
      "NumberOfPhaseEncodingSteps": 96,
      "PercentPhaseFieldOfView": 100.0,
      "PercentSampling": 100.0,
      "PerformedProcedureStepStartTime": "145046.518000",
      "PhotometricInterpretation": "MONOCHROME2",
      "PixelBandwidth": 2265.0,
      "PixelRepresentation": 0,
      "PixelSpacing": [2.5, 2.5],
      "ProtocolName": "EPI_PSAP_iso2.5",
      "RepetitionTime": 2000.0,
      "Rows": 768,
      "SAR": 0.0922015699697,
      "SamplesPerPixel": 1,
      "ScanOptions": "FS",
      "ScanningSequence": "EP",
      "SequenceName": "epfid2d1_96",
      "SequenceVariant": [
        "SK",
        "SS"
],
      "SeriesDescription": "EPI_PSAP_iso2.5_SBRef",
      "SeriesNumber": 5,
      "SeriesTime": "153659.607000",
      "SliceLocation": -66.447069260256,
      "SliceThickness": 2.5,
      "SmallestImagePixelValue": 0,
      "SoftwareVersions": "syngo MR E11",
      "SpacingBetweenSlices": 2.5000000609059,
      "SpecificCharacterSet": "ISO_IR 100",
      "StudyID": "1",
      "StudyTime": "145046.397000",
      "TransmitCoilName": "Body",
      "VariableFlipAngleFlag": "N",
      "WindowCenter": 9287.0,
      "WindowCenterWidthExplanation": "Algo1",
      "WindowWidth": 20411.0,
      "dBdt": 0.0},
    "slices": {}
  }
}