{
  "AcquisitionMatrixPE": 96,
  "AcquisitionNumber": 1,
  "AcquisitionTime": "13:51:31.710000",
  "BandwidthPerPixelPhaseEncode": 20.425,
  "BaseResolution": 96,
  "BodyPartExamined": "BRAIN",
  "CoilCombinationMethod": "Sum of Squares",
  "ConsistencyInfo": "N4_VE11C_LATEST_20160120",
  "ConversionSoftware": "dcm2niix",
  "ConversionSoftwareVersion": "v1.0.20211006",
  "DerivedVendorReportedEchoSpacing": 0.000509996,
  "DeviceSerialNumber": "166054",
  "DwellTime": 2.3e-06,
  "EchoTime": 0.03,
  "EchoTrainLength": 96,
  "EffectiveEchoSpacing": 0.000509996,
  "FlipAngle": 75,
  "HeudiconvVersion": "0.11.3+d20220512",
  "ImageComments": "Unaliased MB2/PE2",
  "ImageOrientationPatientDICOM": [0.994211, -0.00363311, 0.107383, 0.0432343, 0.928474, -0.368872],
  "ImageOrientationText": "Tra>Cor(-21.9)>Sag(5.6)",
  "ImageType": [
    "ORIGINAL",
    "PRIMARY",
    "M",
    "MB",
    "ND",
    "MOSAIC"
],
  "ImagingFrequency": 123.26,
  "InPlanePhaseEncodingDirectionDICOM": "COL",
  "InstitutionAddress": "Street StreetNo,City,District,IL,ZIP",
  "InstitutionName": "Weizmann Institute",
  "InstitutionalDepartmentName": "Department",
  "MRAcquisitionType": "2D",
  "MagneticFieldStrength": 3,
  "Manufacturer": "Siemens",
  "ManufacturersModelName": "Prisma",
  "MatrixCoilMode": "SENSE",
  "Modality": "MR",
  "MultibandAccelerationFactor": 2,
  "PartialFourier": 1,
  "PatientPosition": "HFS",
  "PercentPhaseFOV": 100,
  "PercentSampling": 100,
  "PhaseEncodingDirection": "j-",
  "PhaseEncodingSteps": 96,
  "PhaseResolution": 1,
  "PixelBandwidth": 2265,
  "ProcedureStepDescription": "Weizmann^Sobel",
  "ProtocolName": "EPI_PSAP_iso2.5",
  "PulseSequenceDetails": "%CustomerSeq%\\cmrr_mbep2d_bold",
  "ReceiveCoilActiveElements": "HEA;HEP",
  "ReceiveCoilName": "Head_32",
  "ReconMatrixPE": 96,
  "RepetitionTime": 2,
  "SAR": 0.1062,
  "ScanOptions": "FS",
  "ScanningSequence": "EP",
  "SequenceName": "epfid2d1_96",
  "SequenceVariant": "SK\\SS",
  "SeriesDescription": "EPI_PSAP_iso2.5",
  "SeriesNumber": 17,
  "ShimSetting": [5931, -4108, -1940, 490, 70, 116, 10, -45],
  "SliceThickness": 2.5,
  "SliceTiming": [0, 0.92, 1.84, 0.78, 1.6975, 0.6375, 1.5575, 0.495, 1.415, 0.355, 1.275, 0.2125, 1.1325, 0.0725, 0.99, 1.91, 0.85, 1.77, 0.7075, 1.6275, 0.5675, 1.485, 0.425, 1.345, 0.285, 1.2025, 0.1425, 1.0625, 0, 0.92, 1.84, 0.78, 1.6975, 0.6375, 1.5575, 0.495, 1.415, 0.355, 1.275, 0.2125, 1.1325, 0.0725, 0.99, 1.91, 0.85, 1.77, 0.7075, 1.6275, 0.5675, 1.485, 0.425, 1.345, 0.285, 1.2025, 0.1425, 1.0625],
  "SoftwareVersions": "syngo MR E11",
  "SpacingBetweenSlices": 2.5,
  "StationName": "AWP166054",
  "TaskName": "PSAP",
  "TotalReadoutTime": 0.0484496,
  "TxRefAmp": 242.8,
  "VendorReportedEchoSpacing": 0.00051,
  "WipMemBlock": "35b36892-265f-49a3-8e29-94804d1f89e1||Sequence: R016 ve11c/master r/e634e98; Dec 19 2017 11:00:25 by eja",
  "dcmmeta_affine": [
    [-2.485527515411377, 0.1080857440829277, 0.24590657651424408, 110.10681915283203],
    [0.009082779288291931, 2.321185350418091, -0.9284483194351196, -81.7042007446289],
    [0.26845869421958923, 0.9221801161766052, 2.308140754699707, -154.65306091308594],
    [0.0, 0.0, 0.0, 1.0]
],
  "dcmmeta_reorient_transform": [
    [0.0, -1.0, 0.0, 95.0],
    [1.0, 0.0, 0.0, 0.0],
    [0.0, 0.0, 1.0, 0.0],
    [0.0, 0.0, 0.0, 1.0]
],
  "dcmmeta_shape": [96, 96, 56, 503],
  "dcmmeta_slice_dim": 2,
  "dcmmeta_version": 0.6,
  "global": {
    "const": {
      "AcquisitionMatrix": [96, 0, 0, 96],
      "AngioFlag": "N",
      "BitsAllocated": 16,
      "BitsStored": 16,
      "BodyPartExamined": "BRAIN",
      "Columns": 768,
      "EchoNumbers": 1,
      "EchoTime": 30.0,
      "EchoTrainLength": 96,
      "FlipAngle": 75.0,
      "HighBit": 15,
      "ImageOrientationPatient": [0.99421103797178, -0.0036331116387, 0.10738348324993, 0.04323429781709, 0.92847412662558, -0.3688720532639],
      "ImagePositionPatient": [-991.82904739699, -915.67485851826, 152.60445140776],
      "ImageType": [
        "ORIGINAL",
        "PRIMARY",
        "M",
        "MB",
        "ND",
        "MOSAIC"
],
      "ImagedNucleus": "1H",
      "ImagingFrequency": 123.260371,
      "InPlanePhaseEncodingDirection": "COL",
      "MRAcquisitionType": "2D",
      "MagneticFieldStrength": 3.0,
      "Manufacturer": "SIEMENS",
      "ManufacturerModelName": "Prisma",
      "Modality": "MR",
      "NumberOfAverages": 1.0,
      "NumberOfPhaseEncodingSteps": 96,
      "PercentPhaseFieldOfView": 100.0,
      "PercentSampling": 100.0,
      "PerformedProcedureStepStartTime": "134359.662000",
      "PhotometricInterpretation": "MONOCHROME2",
      "PixelBandwidth": 2265.0,
      "PixelRepresentation": 0,
      "PixelSpacing": [2.5, 2.5],
      "ProtocolName": "EPI_PSAP_iso2.5",
      "RepetitionTime": 2000.0,
      "Rows": 768,
      "SAR": 0.10620022915465,
      "SamplesPerPixel": 1,
      "ScanOptions": "FS",
      "ScanningSequence": "EP",
      "SequenceName": "epfid2d1_96",
      "SequenceVariant": [
        "SK",
        "SS"
],
      "SeriesDescription": "EPI_PSAP_iso2.5",
      "SeriesNumber": 17,
      "SeriesTime": "135225.748000",
      "SliceLocation": -101.61076578031,
      "SliceThickness": 2.5,
      "SmallestImagePixelValue": 0,
      "SoftwareVersions": "syngo MR E11",
      "SpacingBetweenSlices": 2.5000000251703,
      "SpecificCharacterSet": "ISO_IR 100",
      "StudyID": "1",
      "StudyTime": "134359.581000",
      "TransmitCoilName": "Body",
      "VariableFlipAngleFlag": "N",
      "WindowCenterWidthExplanation": "Algo1",
      "dBdt": 0.0},
