{
  "AcquisitionMatrixPE": 256,
  "AcquisitionNumber": 1,
  "AcquisitionTime": "14:05:16.017500",
  "BaseResolution": 256,
  "BodyPartExamined": "BRAIN",
  "CoilCombinationMethod": "Adaptive Combine",
  "ConsistencyInfo": "N4_VE11C_LATEST_20160120",
  "ConversionSoftware": "dcm2niix",
  "ConversionSoftwareVersion": "v1.0.20211006",
  "DeviceSerialNumber": "166054",
  "DwellTime": 9.8e-06,
  "EchoTime": 0.00229,
  "FlipAngle": 8,
  "HeudiconvVersion": "0.11.3+d20220512",
  "ImageOrientationPatientDICOM": [-0.0738418, 0.991814, -0.10417, -0.00714272, -0.104978, -0.994449],
  "ImageOrientationText": "Sag>Cor(-4.2)>Tra(0.9)",
  "ImageType": [
    "ORIGINAL",
    "PRIMARY",
    "M",
    "ND",
    "NORM"
],
  "ImagingFrequency": 123.26,
  "InPlanePhaseEncodingDirectionDICOM": "ROW",
  "InstitutionAddress": "Street StreetNo,City,District,IL,ZIP",
  "InstitutionName": "Weizmann Institute",
  "InstitutionalDepartmentName": "Department",
  "InversionTime": 0.9,
  "MRAcquisitionType": "3D",
  "MagneticFieldStrength": 3,
  "Manufacturer": "Siemens",
  "ManufacturersModelName": "Prisma",
  "MatrixCoilMode": "GRAPPA",
  "Modality": "MR",
  "ParallelReductionFactorInPlane": 2,
  "PartialFourier": 1,
  "PatientPosition": "HFS",
  "PercentPhaseFOV": 100,
  "PercentSampling": 100,
  "PhaseEncodingSteps": 255,
  "PhaseResolution": 1,
  "PixelBandwidth": 200,
  "ProcedureStepDescription": "Weizmann^Sobel",
  "ProtocolName": "t1_mprage_sag_p2_iso_water_exc",
  "PulseSequenceDetails": "%SiemensSeq%\\tfl",
  "ReceiveCoilActiveElements": "HEA;HEP",
  "ReceiveCoilName": "Head_32",
  "ReconMatrixPE": 256,
  "RefLinesPE": 24,
  "RepetitionTime": 2.3,
  "SAR": 0.0393492,
  "ScanOptions": "IR\\WE",
  "ScanningSequence": "GR\\IR",
  "SequenceName": "*tfl3d1_16ns",
  "SequenceVariant": "SK\\SP\\MP",
  "SeriesDescription": "t1_mprage_sag_p2_iso_water_exc",
  "SeriesNumber": 11,
  "ShimSetting": [5900, -4015, -1932, 412, 161, 110, 15, -47],
  "SliceThickness": 0.94,
  "SoftwareVersions": "syngo MR E11",
  "SpoilingState": true,
  "StationName": "AWP166054",
  "TxRefAmp": 245.8,
  "dcmmeta_affine": [
    [0.9374097585678101, -0.06922668218612671, -0.006696300581097603, -70.81314086914062],
    [0.06832656264305115, 0.9298260807991028, -0.09841719269752502, -88.69010162353516],
    [0.013945880346000195, 0.09765925258398056, 0.9322957992553711, -164.04183959960938],
    [0.0, 0.0, 0.0, 1.0]
],
  "dcmmeta_reorient_transform": [
    [0.0, 0.0, -1.0, 255.0],
    [0.0, -1.0, 0.0, 255.0],
    [-1.0, 0.0, 0.0, 175.0],
    [0.0, 0.0, 0.0, 1.0]
],
  "dcmmeta_shape": [176, 256, 256],
  "dcmmeta_slice_dim": 0,
  "dcmmeta_version": 0.6,
  "global": {
    "const": {
      "AcquisitionMatrix": [0, 256, 256, 0],
      "AcquisitionNumber": 1,
      "AcquisitionTime": "140516.017500",
      "AngioFlag": "N",
      "BitsAllocated": 16,
      "BitsStored": 12,
      "BodyPartExamined": "BRAIN",
      "Columns": 256,
      "EchoNumbers": 1,
      "EchoTime": 2.29,
      "EchoTrainLength": 1,
      "FlipAngle": 8.0,
      "HighBit": 11,
      "ImageOrientationPatient": [-0.0738417965599, 0.99181451225879, -0.1041698725816, -0.0071427204304, -0.1049783409695, -0.9944488571426],
      "ImageType": [
        "ORIGINAL",
        "PRIMARY",
        "M",
        "ND",
        "NORM"
],
      "ImagedNucleus": "1H",
      "ImagingFrequency": 123.260335,
      "InPlanePhaseEncodingDirection": "ROW",
      "InversionTime": 900.0,
      "MRAcquisitionType": "3D",
      "MagneticFieldStrength": 3.0,
      "Manufacturer": "SIEMENS",
      "ManufacturerModelName": "Prisma",
      "Modality": "MR",
      "NumberOfAverages": 1.0,
      "NumberOfPhaseEncodingSteps": 255,
      "PercentPhaseFieldOfView": 100.0,
      "PercentSampling": 100.0,
      "PerformedProcedureStepStartTime": "131318.562000",
      "PhotometricInterpretation": "MONOCHROME2",
      "PixelBandwidth": 200.0,
      "PixelRepresentation": 0,
      "PixelSpacing": [0.9375, 0.9375],
      "ProtocolName": "t1_mprage_sag_p2_iso_water_exc",
      "RepetitionTime": 2300.0,
      "Rows": 256,
      "SAR": 0.03934915985458,
      "SamplesPerPixel": 1,
      "ScanOptions": [
        "IR",
        "WE"
],
      "ScanningSequence": [
        "GR",
        "IR"
],
      "SequenceName": "*tfl3d1_16ns",
      "SequenceVariant": [
        "SK",
        "SP",
        "MP"
],
      "SeriesDescription": "t1_mprage_sag_p2_iso_water_exc",
      "SeriesNumber": 11,
      "SeriesTime": "141042.974000",
      "SliceThickness": 0.93999999761581,
      "SmallestImagePixelValue": 0,
      "SoftwareVersions": "syngo MR E11",
      "SpecificCharacterSet": "ISO_IR 100",
      "StudyID": "2",
      "StudyTime": "131318.502000",
      "TransmitCoilName": "Body",
      "VariableFlipAngleFlag": "N",
      "WindowCenterWidthExplanation": "Algo1",
      "dBdt": 0.0},
