{
  "AcquisitionMatrixPE": 96,
  "AcquisitionNumber": 1,
  "AcquisitionTime": "14:10:44.470000",
  "BandwidthPerPixelPhaseEncode": 20.425,
  "BaseResolution": 96,
  "BodyPartExamined": "BRAIN",
  "CoilCombinationMethod": "Sum of Squares",
  "ConsistencyInfo": "N4_VE11C_LATEST_20160120",
  "ConversionSoftware": "dcm2niix",
  "ConversionSoftwareVersion": "v1.0.20211006",
  "DerivedVendorReportedEchoSpacing": 0.000509996,
  "DeviceSerialNumber": "166054",
  "DwellTime": 2.3e-06,
  "EchoTime": 0.03,
  "EchoTrainLength": 96,
  "EffectiveEchoSpacing": 0.000509996,
  "FlipAngle": 75,
  "HeudiconvVersion": "0.11.3+d20220512",
  "ImageComments": "Unaliased MB2/PE2",
  "ImageOrientationPatientDICOM": [0.998035, 0.0495147, -0.0383943, -0.0610425, 0.906572, -0.417613],
  "ImageOrientationText": "Tra>Cor(-24.8)>Sag(-0.8)",
  "ImageType": [
    "ORIGINAL",
    "PRIMARY",
    "M",
    "MB",
    "ND",
    "MOSAIC"
],
  "ImagingFrequency": 123.26,
  "InPlanePhaseEncodingDirectionDICOM": "COL",
  "InstitutionAddress": "Street StreetNo,City,District,IL,ZIP",
  "InstitutionName": "Weizmann Institute",
  "InstitutionalDepartmentName": "Department",
  "MRAcquisitionType": "2D",
  "MagneticFieldStrength": 3,
  "Manufacturer": "Siemens",
  "ManufacturersModelName": "Prisma",
  "MatrixCoilMode": "SENSE",
  "Modality": "MR",
  "MultibandAccelerationFactor": 2,
  "PartialFourier": 1,
  "PatientPosition": "HFS",
  "PercentPhaseFOV": 100,
  "PercentSampling": 100,
  "PhaseEncodingDirection": "j-",
  "PhaseEncodingSteps": 96,
  "PhaseResolution": 1,
  "PixelBandwidth": 2265,
  "ProcedureStepDescription": "Weizmann^Sobel",
  "ProtocolName": "EPI_PSAP_iso2.5",
  "PulseSequenceDetails": "%CustomerSeq%\\cmrr_mbep2d_bold",
  "ReceiveCoilActiveElements": "HEA;HEP",
  "ReceiveCoilName": "Head_32",
  "ReconMatrixPE": 96,
  "RepetitionTime": 2,
  "SAR": 0.103805,
  "ScanOptions": "FS",
  "ScanningSequence": "EP",
  "SequenceName": "epfid2d1_96",
  "SequenceVariant": "SK\\SS",
  "SeriesDescription": "EPI_PSAP_iso2.5",
  "SeriesNumber": 6,
  "ShimSetting": [5893, -4073, -1919, 483, 72, 58, 47, 21],
  "SliceThickness": 2.5,
  "SliceTiming": [0, 0.9175, 1.8375, 0.7775, 1.6975, 0.635, 1.555, 0.495, 1.4125, 0.3525, 1.2725, 0.2125, 1.13, 0.07, 0.99, 1.9075, 0.8475, 1.7675, 0.7075, 1.625, 0.565, 1.485, 0.4225, 1.3425, 0.2825, 1.2025, 0.14, 1.06, 0, 0.9175, 1.8375, 0.7775, 1.6975, 0.635, 1.555, 0.495, 1.4125, 0.3525, 1.2725, 0.2125, 1.13, 0.07, 0.99, 1.9075, 0.8475, 1.7675, 0.7075, 1.625, 0.565, 1.485, 0.4225, 1.3425, 0.2825, 1.2025, 0.14, 1.06],
  "SoftwareVersions": "syngo MR E11",
  "SpacingBetweenSlices": 2.5,
  "StationName": "AWP166054",
  "TaskName": "PSAP",
  "TotalReadoutTime": 0.0484496,
  "TxRefAmp": 237.9,
  "VendorReportedEchoSpacing": 0.00051,
  "WipMemBlock": "53141650-3fe3-4556-bc54-b8ac9db5ba1c||Sequence: R016 ve11c/master r/e634e98; Dec 19 2017 11:00:25 by eja",
  "dcmmeta_affine": [
    [-2.4950878620147705, -0.1526063084602356, -0.03532310575246811, 125.6318359375],
    [-0.12378669530153275, 2.2664308547973633, -1.047839879989624, -71.6443099975586],
    [-0.09598574042320251, 1.0440319776535034, 2.26953387260437, -134.73419189453125],
    [0.0, 0.0, 0.0, 1.0]
],
  "dcmmeta_reorient_transform": [
    [0.0, -1.0, 0.0, 95.0],
    [1.0, 0.0, 0.0, 0.0],
    [0.0, 0.0, 1.0, 0.0],
    [0.0, 0.0, 0.0, 1.0]
],
  "dcmmeta_shape": [96, 96, 56, 492],
  "dcmmeta_slice_dim": 2,
  "dcmmeta_version": 0.6,
  "global": {
    "const": {
      "AcquisitionMatrix": [96, 0, 0, 96],
      "AngioFlag": "N",
      "BitsAllocated": 16,
      "BitsStored": 16,
      "BodyPartExamined": "BRAIN",
      "Columns": 768,
      "EchoNumbers": 1,
      "EchoTime": 30.0,
      "EchoTrainLength": 96,
      "FlipAngle": 75.0,
      "HighBit": 15,
      "ImageOrientationPatient": [0.99803515704955, 0.04951467791555, -0.0383942959827, -0.0610425245597, 0.90657231254609, -0.4176128019113],
      "ImagePositionPatient": [-898.20805062432, -946.77968714322, 347.49481080448],
      "ImageType": [
        "ORIGINAL",
        "PRIMARY",
        "M",
        "MB",
        "ND",
        "MOSAIC"
],
      "ImagedNucleus": "1H",
      "ImagingFrequency": 123.25994,
      "InPlanePhaseEncodingDirection": "COL",
      "MRAcquisitionType": "2D",
      "MagneticFieldStrength": 3.0,
      "Manufacturer": "SIEMENS",
      "ManufacturerModelName": "Prisma",
      "Modality": "MR",
      "NumberOfAverages": 1.0,
      "NumberOfPhaseEncodingSteps": 96,
      "PercentPhaseFieldOfView": 100.0,
      "PercentSampling": 100.0,
      "PerformedProcedureStepStartTime": "134359.662000",
      "PhotometricInterpretation": "MONOCHROME2",
      "PixelBandwidth": 2265.0,
      "PixelRepresentation": 0,
      "PixelSpacing": [2.5, 2.5],
      "ProtocolName": "EPI_PSAP_iso2.5",
      "RepetitionTime": 2000.0,
      "Rows": 768,
      "SAR": 0.1038051414203,
      "SamplesPerPixel": 1,
      "ScanOptions": "FS",
      "ScanningSequence": "EP",
      "SequenceName": "epfid2d1_96",
      "SequenceVariant": [
        "SK",
        "SS"
],
      "SeriesDescription": "EPI_PSAP_iso2.5",
      "SeriesNumber": 6,
      "SeriesTime": "141125.756000",
      "SliceLocation": -94.059901504844,
      "SliceThickness": 2.5,
      "SmallestImagePixelValue": 0,
      "SoftwareVersions": "syngo MR E11",
      "SpacingBetweenSlices": 2.5000000374743,
      "SpecificCharacterSet": "ISO_IR 100",
      "StudyID": "1",
      "StudyTime": "134359.581000",
      "TransmitCoilName": "Body",
      "VariableFlipAngleFlag": "N",
      "WindowCenterWidthExplanation": "Algo1",
      "dBdt": 0.0},
