{
  "AcquisitionMatrixPE": 256,
  "AcquisitionNumber": 1,
  "AcquisitionTime": "12:55:42.052500",
  "BaseResolution": 256,
  "BodyPartExamined": "BRAIN",
  "CoilCombinationMethod": "Adaptive Combine",
  "ConsistencyInfo": "N4_VE11C_LATEST_20160120",
  "ConversionSoftware": "dcm2niix",
  "ConversionSoftwareVersion": "v1.0.20211006",
  "DeviceSerialNumber": "166054",
  "DwellTime": 9.8e-06,
  "EchoTime": 0.00229,
  "FlipAngle": 8,
  "HeudiconvVersion": "0.11.3+d20220512",
  "ImageOrientationPatientDICOM": [0.0623343, 0.998055, 1.25654e-08, 0.159068, -0.0099347, -0.987218],
  "ImageOrientationText": "Sag>Tra(-9.2)>Cor(3.5)",
  "ImageType": [
    "ORIGINAL",
    "PRIMARY",
    "M",
    "ND",
    "NORM"
],
  "ImagingFrequency": 123.26,
  "InPlanePhaseEncodingDirectionDICOM": "ROW",
  "InstitutionAddress": "Street StreetNo,City,District,IL,ZIP",
  "InstitutionName": "Weizmann Institute",
  "InstitutionalDepartmentName": "Department",
  "InversionTime": 0.9,
  "MRAcquisitionType": "3D",
  "MagneticFieldStrength": 3,
  "Manufacturer": "Siemens",
  "ManufacturersModelName": "Prisma",
  "MatrixCoilMode": "GRAPPA",
  "Modality": "MR",
  "ParallelReductionFactorInPlane": 2,
  "PartialFourier": 1,
  "PatientPosition": "HFS",
  "PercentPhaseFOV": 100,
  "PercentSampling": 100,
  "PhaseEncodingSteps": 255,
  "PhaseResolution": 1,
  "PixelBandwidth": 200,
  "ProcedureStepDescription": "Weizmann^Sobel",
  "ProtocolName": "t1_mprage_sag_p2_iso_water_exc",
  "PulseSequenceDetails": "%SiemensSeq%\\tfl",
  "ReceiveCoilActiveElements": "HEA;HEP",
  "ReceiveCoilName": "Head_32",
  "ReconMatrixPE": 256,
  "RefLinesPE": 24,
  "RepetitionTime": 2.3,
  "SAR": 0.0392252,
  "ScanOptions": "IR\\WE",
  "ScanningSequence": "GR\\IR",
  "SequenceName": "*tfl3d1_16ns",
  "SequenceVariant": "SK\\SP\\MP",
  "SeriesDescription": "t1_mprage_sag_p2_iso_water_exc",
  "SeriesNumber": 15,
  "ShimSetting": [5916, -4029, -1955, 432, 72, -43, -28, -53],
  "SliceThickness": 0.94,
  "SoftwareVersions": "syngo MR E11",
  "SpoilingState": true,
  "StationName": "AWP166054",
  "TxRefAmp": 253.7,
  "dcmmeta_affine": [
    [0.9261799454689026, 0.05843838304281235, 0.14912636578083038, -106.85324096679688],
    [-0.05784524977207184, 0.9356768727302551, -0.009313784539699554, -97.1277084350586],
    [-0.1498153805732727, -1.1780073805311986e-08, 0.9255165457725525, -154.0758056640625],
    [0.0, 0.0, 0.0, 1.0]
],
  "dcmmeta_reorient_transform": [
    [0.0, 0.0, -1.0, 255.0],
    [0.0, -1.0, 0.0, 255.0],
    [-1.0, 0.0, 0.0, 175.0],
    [0.0, 0.0, 0.0, 1.0]
],
  "dcmmeta_shape": [176, 256, 256],
  "dcmmeta_slice_dim": 0,
  "dcmmeta_version": 0.6,
  "global": {
    "const": {
      "AcquisitionMatrix": [0, 256, 256, 0],
      "AcquisitionNumber": 1,
      "AcquisitionTime": "125542.052500",
      "AngioFlag": "N",
      "BitsAllocated": 16,
      "BitsStored": 12,
      "BodyPartExamined": "BRAIN",
      "Columns": 256,
      "EchoNumbers": 1,
      "EchoTime": 2.29,
      "EchoTrainLength": 1,
      "FlipAngle": 8.0,
      "HighBit": 11,
      "ImageOrientationPatient": [0.06233427628451, 0.99805532812569, 1.2565412e-08, 0.15906811770508, -0.0099347033304, -0.9872176232217],
      "ImageType": [
        "ORIGINAL",
        "PRIMARY",
        "M",
        "ND",
        "NORM"
],
      "ImagedNucleus": "1H",
      "ImagingFrequency": 123.25995,
      "InPlanePhaseEncodingDirection": "ROW",
      "InversionTime": 900.0,
      "MRAcquisitionType": "3D",
      "MagneticFieldStrength": 3.0,
      "Manufacturer": "SIEMENS",
      "ManufacturerModelName": "Prisma",
      "Modality": "MR",
      "NumberOfAverages": 1.0,
      "NumberOfPhaseEncodingSteps": 255,
      "PercentPhaseFieldOfView": 100.0,
      "PercentSampling": 100.0,
      "PerformedProcedureStepStartTime": "115750.732000",
      "PhotometricInterpretation": "MONOCHROME2",
      "PixelBandwidth": 200.0,
      "PixelRepresentation": 0,
      "PixelSpacing": [0.9375, 0.9375],
      "ProtocolName": "t1_mprage_sag_p2_iso_water_exc",
      "RepetitionTime": 2300.0,
      "Rows": 256,
      "SAR": 0.03922518813784,
      "SamplesPerPixel": 1,
      "ScanOptions": [
        "IR",
        "WE"
],
      "ScanningSequence": [
        "GR",
        "IR"
],
      "SequenceName": "*tfl3d1_16ns",
      "SequenceVariant": [
        "SK",
        "SP",
        "MP"
],
      "SeriesDescription": "t1_mprage_sag_p2_iso_water_exc",
      "SeriesNumber": 15,
      "SeriesTime": "130108.547000",
      "SliceThickness": 0.93999999761581,
      "SmallestImagePixelValue": 0,
      "SoftwareVersions": "syngo MR E11",
      "SpecificCharacterSet": "ISO_IR 100",
      "StudyID": "1",
      "StudyTime": "115750.635000",
      "TransmitCoilName": "Body",
      "VariableFlipAngleFlag": "N",
      "WindowCenterWidthExplanation": "Algo1",
      "dBdt": 0.0},
