{
  "AcquisitionMatrixPE": 96,
  "AcquisitionNumber": 1,
  "AcquisitionTime": "11:07:35.785000",
  "BandwidthPerPixelPhaseEncode": 20.425,
  "BaseResolution": 96,
  "BodyPartExamined": "BRAIN",
  "CoilCombinationMethod": "Sum of Squares",
  "ConsistencyInfo": "N4_VE11C_LATEST_20160120",
  "ConversionSoftware": "dcm2niix",
  "ConversionSoftwareVersion": "v1.0.20211006",
  "DerivedVendorReportedEchoSpacing": 0.000509996,
  "DeviceSerialNumber": "166054",
  "DwellTime": 2.3e-06,
  "EchoTime": 0.03,
  "EchoTrainLength": 96,
  "EffectiveEchoSpacing": 0.000509996,
  "FlipAngle": 75,
  "HeudiconvVersion": "0.11.3+d20220512",
  "ImageComments": "Unaliased MB2/PE2",
  "ImageOrientationPatientDICOM": [0.999931, -0.00674669, 0.00961928, 0.010297, 0.897492, -0.44091],
  "ImageOrientationText": "Tra>Cor(-26.2)>Sag(0.3)",
  "ImageType": [
    "ORIGINAL",
    "PRIMARY",
    "M",
    "MB",
    "ND",
    "MOSAIC"
],
  "ImagingFrequency": 123.26,
  "InPlanePhaseEncodingDirectionDICOM": "COL",
  "InstitutionAddress": "Street StreetNo,City,District,IL,ZIP",
  "InstitutionName": "Weizmann Institute",
  "InstitutionalDepartmentName": "Department",
  "MRAcquisitionType": "2D",
  "MagneticFieldStrength": 3,
  "Manufacturer": "Siemens",
  "ManufacturersModelName": "Prisma",
  "MatrixCoilMode": "SENSE",
  "Modality": "MR",
  "MultibandAccelerationFactor": 2,
  "PartialFourier": 1,
  "PatientPosition": "HFS",
  "PercentPhaseFOV": 100,
  "PercentSampling": 100,
  "PhaseEncodingDirection": "j-",
  "PhaseEncodingSteps": 96,
  "PhaseResolution": 1,
  "PixelBandwidth": 2265,
  "ProcedureStepDescription": "Weizmann^Sobel",
  "ProtocolName": "EPI_PSAP_iso2.5",
  "PulseSequenceDetails": "%CustomerSeq%\\cmrr_mbep2d_bold",
  "ReceiveCoilActiveElements": "HEA;HEP",
  "ReceiveCoilName": "Head_32",
  "ReconMatrixPE": 96,
  "RepetitionTime": 2,
  "SAR": 0.137031,
  "ScanOptions": "FS",
  "ScanningSequence": "EP",
  "SequenceName": "epfid2d1_96",
  "SequenceVariant": "SK\\SS",
  "SeriesDescription": "EPI_PSAP_iso2.5",
  "SeriesNumber": 10,
  "ShimSetting": [5912, -3969, -1872, 139, 91, -78, -89, -15],
  "SliceThickness": 2.5,
  "SliceTiming": [0, 0.92, 1.8375, 0.7775, 1.6975, 0.6375, 1.555, 0.495, 1.415, 0.3525, 1.2725, 0.2125, 1.1325, 0.07, 0.99, 1.91, 0.8475, 1.7675, 0.7075, 1.6275, 0.565, 1.485, 0.425, 1.3425, 0.2825, 1.2025, 0.1425, 1.06, 0, 0.92, 1.8375, 0.7775, 1.6975, 0.6375, 1.555, 0.495, 1.415, 0.3525, 1.2725, 0.2125, 1.1325, 0.07, 0.99, 1.91, 0.8475, 1.7675, 0.7075, 1.6275, 0.565, 1.485, 0.425, 1.3425, 0.2825, 1.2025, 0.1425, 1.06],
  "SoftwareVersions": "syngo MR E11",
  "SpacingBetweenSlices": 2.5,
  "StationName": "AWP166054",
  "TaskName": "PSAP",
  "TotalReadoutTime": 0.0484496,
  "TxRefAmp": 274.8,
  "VendorReportedEchoSpacing": 0.00051,
  "WipMemBlock": "eba856e9-eca0-4db5-babc-3c58d2256b76||Sequence: R016 ve11c/master r/e634e98; Dec 19 2017 11:00:25 by eja",
  "dcmmeta_affine": [
    [-2.4998273849487305, 0.025742610916495323, 0.01414637453854084, 119.2888412475586],
    [0.016866717487573624, 2.2437310218811035, -1.1024458408355713, -70.93052673339844],
    [0.024048198014497757, 1.1022742986679077, 2.2437496185302734, -27.2982120513916],
    [0.0, 0.0, 0.0, 1.0]
],
  "dcmmeta_reorient_transform": [
    [0.0, -1.0, 0.0, 95.0],
    [1.0, 0.0, 0.0, 0.0],
    [0.0, 0.0, 1.0, 0.0],
    [0.0, 0.0, 0.0, 1.0]
],
  "dcmmeta_shape": [96, 96, 56, 484],
  "dcmmeta_slice_dim": 2,
  "dcmmeta_version": 0.6,
  "global": {
    "const": {
      "AcquisitionMatrix": [96, 0, 0, 96],
      "AngioFlag": "N",
      "BitsAllocated": 16,
      "BitsStored": 16,
      "BodyPartExamined": "BRAIN",
      "Columns": 768,
      "EchoNumbers": 1,
      "EchoTime": 30.0,
      "EchoTrainLength": 96,
      "FlipAngle": 75.0,
      "HighBit": 15,
      "ImageOrientationPatient": [0.99993097346294, -0.0067466866546, 0.00961927900878, 0.0102970443796, 0.89749238452156, -0.4409097306738],
      "ImagePositionPatient": [-970.32592266871, -890.45030446157, 439.70182798318],
      "ImageType": [
        "ORIGINAL",
        "PRIMARY",
        "M",
        "MB",
        "ND",
        "MOSAIC"
],
      "ImagedNucleus": "1H",
      "ImagingFrequency": 123.260031,
      "InPlanePhaseEncodingDirection": "COL",
      "MRAcquisitionType": "2D",
      "MagneticFieldStrength": 3.0,
      "Manufacturer": "SIEMENS",
      "ManufacturerModelName": "Prisma",
      "Modality": "MR",
      "NumberOfAverages": 1.0,
      "NumberOfPhaseEncodingSteps": 96,
      "PercentPhaseFieldOfView": 100.0,
      "PercentSampling": 100.0,
      "PerformedProcedureStepStartTime": "101905.032000",
      "PhotometricInterpretation": "MONOCHROME2",
      "PixelBandwidth": 2265.0,
      "PixelRepresentation": 0,
      "PixelSpacing": [2.5, 2.5],
      "ProtocolName": "EPI_PSAP_iso2.5",
      "RepetitionTime": 2000.0,
      "Rows": 768,
      "SAR": 0.13703107266345,
      "SamplesPerPixel": 1,
      "ScanOptions": "FS",
      "ScanningSequence": "EP",
      "SequenceName": "epfid2d1_96",
      "SequenceVariant": [
        "SK",
        "SS"
],
      "SeriesDescription": "EPI_PSAP_iso2.5",
      "SeriesNumber": 10,
      "SeriesTime": "110816.014000",
      "SliceLocation": 7.4536835440394,
      "SliceThickness": 2.5,
      "SmallestImagePixelValue": 0,
      "SoftwareVersions": "syngo MR E11",
      "SpacingBetweenSlices": 2.4999999554994,
      "SpecificCharacterSet": "ISO_IR 100",
      "StudyID": "2",
      "StudyTime": "101904.975000",
      "TransmitCoilName": "Body",
      "VariableFlipAngleFlag": "N",
      "WindowCenterWidthExplanation": "Algo1",
      "dBdt": 0.0},
