{
  "AcquisitionMatrixPE": 96,
  "AcquisitionNumber": 1,
  "AcquisitionTime": "15:32:38.570000",
  "BandwidthPerPixelPhaseEncode": 20.425,
  "BaseResolution": 96,
  "BodyPartExamined": "BRAIN",
  "CoilCombinationMethod": "Sum of Squares",
  "ConsistencyInfo": "N4_VE11C_LATEST_20160120",
  "ConversionSoftware": "dcm2niix",
  "ConversionSoftwareVersion": "v1.0.20211006",
  "DerivedVendorReportedEchoSpacing": 0.000509996,
  "DeviceSerialNumber": "166054",
  "DwellTime": 2.3e-06,
  "EchoTime": 0.03,
  "EchoTrainLength": 96,
  "EffectiveEchoSpacing": 0.000509996,
  "FlipAngle": 75,
  "HeudiconvVersion": "0.11.3+d20220512",
  "ImageComments": "Single-band reference",
  "ImageOrientationPatientDICOM": [0.998642, 0.04979, -0.0153365, -0.0516376, 0.906881, -0.41821],
  "ImageOrientationText": "Tra>Cor(-24.7)>Sag(0.4)",
  "ImageType": [
    "ORIGINAL",
    "PRIMARY",
    "M",
    "ND",
    "MOSAIC"
],
  "ImagingFrequency": 123.26,
  "InPlanePhaseEncodingDirectionDICOM": "COL",
  "InstitutionAddress": "Street StreetNo,City,District,IL,ZIP",
  "InstitutionName": "Weizmann Institute",
  "InstitutionalDepartmentName": "Department",
  "MRAcquisitionType": "2D",
  "MagneticFieldStrength": 3,
  "Manufacturer": "Siemens",
  "ManufacturersModelName": "Prisma",
  "MatrixCoilMode": "SENSE",
  "Modality": "MR",
  "PartialFourier": 1,
  "PatientPosition": "HFS",
  "PercentPhaseFOV": 100,
  "PercentSampling": 100,
  "PhaseEncodingDirection": "j-",
  "PhaseEncodingSteps": 96,
  "PhaseResolution": 1,
  "PixelBandwidth": 2265,
  "ProcedureStepDescription": "Weizmann^Sobel",
  "ProtocolName": "EPI_PSAP_iso2.5",
  "PulseSequenceDetails": "%CustomerSeq%\\cmrr_mbep2d_bold",
  "ReceiveCoilActiveElements": "HEA;HEP",
  "ReceiveCoilName": "Head_32",
  "ReconMatrixPE": 96,
  "RepetitionTime": 2,
  "SAR": 0.110588,
  "ScanOptions": "FS",
  "ScanningSequence": "EP",
  "SequenceName": "epfid2d1_96",
  "SequenceVariant": "SK\\SS",
  "SeriesDescription": "EPI_PSAP_iso2.5_SBRef",
  "SeriesNumber": 5,
  "ShimSetting": [5914, -4041, -1921, 408, 18, -83, -194, 0],
  "SliceThickness": 2.5,
  "SliceTiming": [0, 0.07, 0.1425, 0.2125, 0.2825, 0.3525, 0.425, 0.495, 0.565, 0.6375, 0.7075, 0.7775, 0.8475, 0.92, 0.99, 1.06, 1.1325, 1.2025, 1.2725, 1.3425, 1.415, 1.485, 1.555, 1.6275, 1.6975, 1.7675, 1.8375, 1.91, 1.98, 2.05, 2.1225, 2.1925, 2.2625, 2.3325, 2.405, 2.475, 2.545, 2.6175, 2.6875, 2.7575, 2.8275, 2.9, 2.97, 3.04, 3.1125, 3.1825, 3.2525, 3.3225, 3.395, 3.465, 3.535, 3.6075, 3.6775, 3.7475, 3.8175, 3.89],
  "SoftwareVersions": "syngo MR E11",
  "SpacingBetweenSlices": 2.5,
  "StationName": "AWP166054",
  "TaskName": "PSAP",
  "TotalReadoutTime": 0.0484496,
  "TxRefAmp": 254.8,
  "VendorReportedEchoSpacing": 0.00051,
  "WipMemBlock": "f9888af2-a5a3-4d45-af08-edeea207c929||Sequence: R016 ve11c/master r/e634e98; Dec 19 2017 11:00:25 by eja",
  "dcmmeta_affine": [
    [-2.4966049194335938, -0.1290939748287201, 0.01728569157421589, 124.2935562133789],
    [-0.1244748905301094, 2.2672035694122314, -1.0460853576660156, -70.43570709228516],
    [-0.038341253995895386, 1.045525312423706, 2.270552158355713, -135.5673065185547],
    [0.0, 0.0, 0.0, 1.0]
],
  "dcmmeta_reorient_transform": [
    [0.0, -1.0, 0.0, 95.0],
    [1.0, 0.0, 0.0, 0.0],
    [0.0, 0.0, 1.0, 0.0],
    [0.0, 0.0, 0.0, 1.0]
],
  "dcmmeta_shape": [96, 96, 56],
  "dcmmeta_slice_dim": 2,
  "dcmmeta_version": 0.6,
  "global": {
    "const": {
      "AcquisitionMatrix": [96, 0, 0, 96],
      "AcquisitionNumber": 1,
      "AcquisitionTime": "153238.570000",
      "AngioFlag": "N",
      "BitsAllocated": 16,
      "BitsStored": 16,
      "BodyPartExamined": "BRAIN",
      "Columns": 768,
      "ContentTime": "153336.582000",
      "EchoNumbers": 1,
      "EchoTime": 30.0,
      "EchoTrainLength": 96,
      "FlipAngle": 75.0,
      "HighBit": 15,
      "ImageOrientationPatient": [0.99864195381275, 0.04978995667496, -0.0153365021879, -0.0516375916236, 0.90688138197391, -0.4182101363674],
      "ImagePositionPatient": [-907.51329206787, -948.55254494789, 327.93678290071],
      "ImageType": [
        "ORIGINAL",
        "PRIMARY",
        "M",
        "ND",
        "MOSAIC"
],
      "ImagedNucleus": "1H",
      "ImagingFrequency": 123.260416,
      "InPlanePhaseEncodingDirection": "COL",
      "InstanceCreationTime": "153336.582000",
      "InstanceNumber": 1,
      "LargestImagePixelValue": 31969,
      "MRAcquisitionType": "2D",
      "MagneticFieldStrength": 3.0,
      "Manufacturer": "SIEMENS",
      "ManufacturerModelName": "Prisma",
      "Modality": "MR",
      "NumberOfAverages": 1.0,
      "NumberOfPhaseEncodingSteps": 96,
      "PercentPhaseFieldOfView": 100.0,
      "PercentSampling": 100.0,
      "PerformedProcedureStepStartTime": "144159.392000",
      "PhotometricInterpretation": "MONOCHROME2",
      "PixelBandwidth": 2265.0,
      "PixelRepresentation": 0,
      "PixelSpacing": [2.5, 2.5],
      "ProtocolName": "EPI_PSAP_iso2.5",
      "RepetitionTime": 2000.0,
      "Rows": 768,
      "SAR": 0.11058830717236,
      "SamplesPerPixel": 1,
      "ScanOptions": "FS",
      "ScanningSequence": "EP",
      "SequenceName": "epfid2d1_96",
      "SequenceVariant": [
        "SK",
        "SS"
],
      "SeriesDescription": "EPI_PSAP_iso2.5_SBRef",
      "SeriesNumber": 5,
      "SeriesTime": "153336.578000",
      "SliceLocation": -92.792942421701,
      "SliceThickness": 2.5,
      "SmallestImagePixelValue": 0,
      "SoftwareVersions": "syngo MR E11",
      "SpacingBetweenSlices": 2.5000000564914,
      "SpecificCharacterSet": "ISO_IR 100",
      "StudyID": "1",
      "StudyTime": "144159.319000",
      "TransmitCoilName": "Body",
      "VariableFlipAngleFlag": "N",
      "WindowCenter": 7343.0,
      "WindowCenterWidthExplanation": "Algo1",
      "WindowWidth": 15806.0,
      "dBdt": 0.0},
    "slices": {}
  }
}