{
  "AcquisitionMatrixPE": 96,
  "AcquisitionNumber": 1,
  "AcquisitionTime": "15:38:24.085000",
  "BandwidthPerPixelPhaseEncode": 20.425,
  "BaseResolution": 96,
  "BodyPartExamined": "BRAIN",
  "CoilCombinationMethod": "Sum of Squares",
  "ConsistencyInfo": "N4_VE11C_LATEST_20160120",
  "ConversionSoftware": "dcm2niix",
  "ConversionSoftwareVersion": "v1.0.20211006",
  "DerivedVendorReportedEchoSpacing": 0.000509996,
  "DeviceSerialNumber": "166054",
  "DwellTime": 2.3e-06,
  "EchoTime": 0.03,
  "EchoTrainLength": 96,
  "EffectiveEchoSpacing": 0.000509996,
  "FlipAngle": 75,
  "HeudiconvVersion": "0.11.3+d20220512",
  "ImageComments": "Single-band reference",
  "ImageOrientationPatientDICOM": [0.999636, 0.0269101, -0.00172498, -0.0244306, 0.876739, -0.480346],
  "ImageOrientationText": "Tra>Cor(-28.7)>Sag(0.7)",
  "ImageType": [
    "ORIGINAL",
    "PRIMARY",
    "M",
    "ND",
    "MOSAIC"
],
  "ImagingFrequency": 123.26,
  "InPlanePhaseEncodingDirectionDICOM": "COL",
  "InstitutionAddress": "Street StreetNo,City,District,IL,ZIP",
  "InstitutionName": "Weizmann Institute",
  "InstitutionalDepartmentName": "Department",
  "MRAcquisitionType": "2D",
  "MagneticFieldStrength": 3,
  "Manufacturer": "Siemens",
  "ManufacturersModelName": "Prisma",
  "MatrixCoilMode": "SENSE",
  "Modality": "MR",
  "PartialFourier": 1,
  "PatientPosition": "HFS",
  "PercentPhaseFOV": 100,
  "PercentSampling": 100,
  "PhaseEncodingDirection": "j-",
  "PhaseEncodingSteps": 96,
  "PhaseResolution": 1,
  "PixelBandwidth": 2265,
  "ProcedureStepDescription": "Weizmann^Sobel",
  "ProtocolName": "EPI_PSAP_iso2.5",
  "PulseSequenceDetails": "%CustomerSeq%\\cmrr_mbep2d_bold",
  "ReceiveCoilActiveElements": "HEA;HEP",
  "ReceiveCoilName": "Head_32",
  "ReconMatrixPE": 96,
  "RepetitionTime": 2,
  "SAR": 0.109134,
  "ScanOptions": "FS",
  "ScanningSequence": "EP",
  "SequenceName": "epfid2d1_96",
  "SequenceVariant": "SK\\SS",
  "SeriesDescription": "EPI_PSAP_iso2.5_SBRef",
  "SeriesNumber": 5,
  "ShimSetting": [5932, -4012, -1927, 406, 31, -161, -216, 24],
  "SliceThickness": 2.5,
  "SliceTiming": [0, 0.07, 0.1425, 0.2125, 0.2825, 0.3525, 0.425, 0.495, 0.565, 0.6375, 0.7075, 0.7775, 0.8475, 0.92, 0.99, 1.06, 1.1325, 1.2025, 1.2725, 1.3425, 1.415, 1.485, 1.555, 1.6275, 1.6975, 1.7675, 1.8375, 1.91, 1.98, 2.05, 2.1225, 2.1925, 2.2625, 2.3325, 2.405, 2.475, 2.545, 2.6175, 2.6875, 2.7575, 2.8275, 2.9, 2.97, 3.04, 3.11, 3.1825, 3.2525, 3.3225, 3.395, 3.465, 3.535, 3.605, 3.6775, 3.7475, 3.8175, 3.89],
  "SoftwareVersions": "syngo MR E11",
  "SpacingBetweenSlices": 2.5,
  "StationName": "AWP166054",
  "TaskName": "PSAP",
  "TotalReadoutTime": 0.0484496,
  "TxRefAmp": 252.5,
  "VendorReportedEchoSpacing": 0.00051,
  "WipMemBlock": "553e119a-3df8-4f26-8683-a6a012096d2d||Sequence: R016 ve11c/master r/e634e98; Dec 19 2017 11:00:25 by eja",
  "dcmmeta_affine": [
    [-2.4990909099578857, -0.061076439917087555, 0.028534458950161934, 122.71311950683594],
    [-0.06727518141269684, 2.191847324371338, -1.2005329132080078, -59.63071823120117],
    [-0.004312442149966955, 1.200864315032959, 2.1926937103271484, -137.88070678710938],
    [0.0, 0.0, 0.0, 1.0]
],
  "dcmmeta_reorient_transform": [
    [0.0, -1.0, 0.0, 95.0],
    [1.0, 0.0, 0.0, 0.0],
    [0.0, 0.0, 1.0, 0.0],
    [0.0, 0.0, 0.0, 1.0]
],
  "dcmmeta_shape": [96, 96, 56],
  "dcmmeta_slice_dim": 2,
  "dcmmeta_version": 0.6,
  "global": {
    "const": {
      "AcquisitionMatrix": [96, 0, 0, 96],
      "AcquisitionNumber": 1,
      "AcquisitionTime": "153824.085000",
      "AngioFlag": "N",
      "BitsAllocated": 16,
      "BitsStored": 16,
      "BodyPartExamined": "BRAIN",
      "Columns": 768,
      "ContentTime": "153916.581000",
      "EchoNumbers": 1,
      "EchoTime": 30.0,
      "EchoTrainLength": 96,
      "FlipAngle": 75.0,
      "HighBit": 15,
      "ImageOrientationPatient": [0.99963637012769, 0.02691007195358, -0.0017249769231, -0.0244305763621, 0.87673891859585, -0.4803457250335],
      "ImagePositionPatient": [-936.08372389368, -907.65992561129, 381.14078678124],
      "ImageType": [
        "ORIGINAL",
        "PRIMARY",
        "M",
        "ND",
        "MOSAIC"
],
      "ImagedNucleus": "1H",
      "ImagingFrequency": 123.260226,
      "InPlanePhaseEncodingDirection": "COL",
      "InstanceCreationTime": "153916.581000",
      "InstanceNumber": 1,
      "LargestImagePixelValue": 31931,
      "MRAcquisitionType": "2D",
      "MagneticFieldStrength": 3.0,
      "Manufacturer": "SIEMENS",
      "ManufacturerModelName": "Prisma",
      "Modality": "MR",
      "NumberOfAverages": 1.0,
      "NumberOfPhaseEncodingSteps": 96,
      "PercentPhaseFieldOfView": 100.0,
      "PercentSampling": 100.0,
      "PerformedProcedureStepStartTime": "144317.703000",
      "PhotometricInterpretation": "MONOCHROME2",
      "PixelBandwidth": 2265.0,
      "PixelRepresentation": 0,
      "PixelSpacing": [2.5, 2.5],
      "ProtocolName": "EPI_PSAP_iso2.5",
      "RepetitionTime": 2000.0,
      "Rows": 768,
      "SAR": 0.10913367360852,
      "SamplesPerPixel": 1,
      "ScanOptions": "FS",
      "ScanningSequence": "EP",
      "SequenceName": "epfid2d1_96",
      "SequenceVariant": [
        "SK",
        "SS"
],
      "SeriesDescription": "EPI_PSAP_iso2.5_SBRef",
      "SeriesNumber": 5,
      "SeriesTime": "153916.578000",
      "SliceLocation": -90.895996381535,
      "SliceThickness": 2.5,
      "SmallestImagePixelValue": 0,
      "SoftwareVersions": "syngo MR E11",
      "SpacingBetweenSlices": 2.4999999198707,
      "SpecificCharacterSet": "ISO_IR 100",
      "StudyID": "2",
      "StudyTime": "144317.658000",
      "TransmitCoilName": "Body",
      "VariableFlipAngleFlag": "N",
      "WindowCenter": 7669.0,
      "WindowCenterWidthExplanation": "Algo1",
      "WindowWidth": 16559.0,
      "dBdt": 0.0},
    "slices": {}
  }
}