{
  "AcquisitionMatrixPE": 96,
  "AcquisitionNumber": 1,
  "AcquisitionTime": "11:54:44.400000",
  "BandwidthPerPixelPhaseEncode": 20.425,
  "BaseResolution": 96,
  "BodyPartExamined": "BRAIN",
  "CoilCombinationMethod": "Sum of Squares",
  "ConsistencyInfo": "N4_VE11C_LATEST_20160120",
  "ConversionSoftware": "dcm2niix",
  "ConversionSoftwareVersion": "v1.0.20211006",
  "DerivedVendorReportedEchoSpacing": 0.000509996,
  "DeviceSerialNumber": "166054",
  "DwellTime": 2.3e-06,
  "EchoTime": 0.03,
  "EchoTrainLength": 96,
  "EffectiveEchoSpacing": 0.000509996,
  "FlipAngle": 75,
  "HeudiconvVersion": "0.11.3+d20220512",
  "ImageComments": "Single-band reference",
  "ImageOrientationPatientDICOM": [0.999343, -0.0356518, 0.00650807, 0.0355964, 0.931891, -0.360988],
  "ImageOrientationText": "Tra>Cor(-21.2)>Sag(-0.4)",
  "ImageType": [
    "ORIGINAL",
    "PRIMARY",
    "M",
    "ND",
    "MOSAIC"
],
  "ImagingFrequency": 123.26,
  "InPlanePhaseEncodingDirectionDICOM": "COL",
  "InstitutionAddress": "Street StreetNo,City,District,IL,ZIP",
  "InstitutionName": "Weizmann Institute",
  "InstitutionalDepartmentName": "Department",
  "MRAcquisitionType": "2D",
  "MagneticFieldStrength": 3,
  "Manufacturer": "Siemens",
  "ManufacturersModelName": "Prisma",
  "MatrixCoilMode": "SENSE",
  "Modality": "MR",
  "PartialFourier": 1,
  "PatientPosition": "HFS",
  "PercentPhaseFOV": 100,
  "PercentSampling": 100,
  "PhaseEncodingDirection": "j-",
  "PhaseEncodingSteps": 96,
  "PhaseResolution": 1,
  "PixelBandwidth": 2265,
  "ProcedureStepDescription": "Weizmann^Sobel",
  "ProtocolName": "EPI_PSAP_iso2.5",
  "PulseSequenceDetails": "%CustomerSeq%\\cmrr_mbep2d_bold",
  "ReceiveCoilActiveElements": "HEA;HEP",
  "ReceiveCoilName": "Head_32",
  "ReconMatrixPE": 96,
  "RepetitionTime": 2,
  "SAR": 0.08688,
  "ScanOptions": "FS",
  "ScanningSequence": "EP",
  "SequenceName": "epfid2d1_96",
  "SequenceVariant": "SK\\SS",
  "SeriesDescription": "EPI_PSAP_iso2.5_SBRef",
  "SeriesNumber": 5,
  "ShimSetting": [5887, -4041, -1874, 271, 67, 51, 93, 43],
  "SliceThickness": 2.5,
  "SliceTiming": [0, 0.0725, 0.1425, 0.2125, 0.2825, 0.355, 0.425, 0.495, 0.5675, 0.6375, 0.7075, 0.7775, 0.85, 0.92, 0.99, 1.0625, 1.1325, 1.2025, 1.2725, 1.345, 1.415, 1.485, 1.555, 1.6275, 1.6975, 1.7675, 1.84, 1.91, 1.98, 2.05, 2.1225, 2.1925, 2.2625, 2.335, 2.405, 2.475, 2.545, 2.6175, 2.6875, 2.7575, 2.83, 2.9, 2.97, 3.04, 3.1125, 3.1825, 3.2525, 3.325, 3.395, 3.465, 3.535, 3.6075, 3.6775, 3.7475, 3.82, 3.89],
  "SoftwareVersions": "syngo MR E11",
  "SpacingBetweenSlices": 2.5,
  "StationName": "AWP166054",
  "TaskName": "PSAP",
  "TotalReadoutTime": 0.0484496,
  "TxRefAmp": 240.9,
  "VendorReportedEchoSpacing": 0.00051,
  "WipMemBlock": "4f93a798-3f14-4374-ad1d-0b1e94a6ad7f||Sequence: R016 ve11c/master r/e634e98; Dec 19 2017 11:00:25 by eja",
  "dcmmeta_affine": [
    [-2.4983577728271484, 0.08899087458848953, -0.017012692987918854, 116.43463134765625],
    [0.08912961930036545, 2.3297271728515625, -0.9024564623832703, -84.56938934326172],
    [0.016270184889435768, 0.9024701714515686, 2.331369400024414, -87.65180969238281],
    [0.0, 0.0, 0.0, 1.0]
],
  "dcmmeta_reorient_transform": [
    [0.0, -1.0, 0.0, 95.0],
    [1.0, 0.0, 0.0, 0.0],
    [0.0, 0.0, 1.0, 0.0],
    [0.0, 0.0, 0.0, 1.0]
],
  "dcmmeta_shape": [96, 96, 56],
  "dcmmeta_slice_dim": 2,
  "dcmmeta_version": 0.6,
  "global": {
    "const": {
      "AcquisitionMatrix": [96, 0, 0, 96],
      "AcquisitionNumber": 1,
      "AcquisitionTime": "115444.400000",
      "AngioFlag": "N",
      "BitsAllocated": 16,
      "BitsStored": 16,
      "BodyPartExamined": "BRAIN",
      "Columns": 768,
      "ContentTime": "115547.195000",
      "EchoNumbers": 1,
      "EchoTime": 30.0,
      "EchoTrainLength": 96,
      "FlipAngle": 75.0,
      "HighBit": 15,
      "ImageOrientationPatient": [0.9993430796159, -0.0356518470297, 0.006508074, 0.03559635028355, 0.93189082873821, -0.3609880651214],
      "ImagePositionPatient": [-994.23788647928, -889.59542753664, 295.84604523021],
      "ImageType": [
        "ORIGINAL",
        "PRIMARY",
        "M",
        "ND",
        "MOSAIC"
],
      "ImagedNucleus": "1H",
      "ImagingFrequency": 123.259932,
      "InPlanePhaseEncodingDirection": "COL",
      "InstanceCreationTime": "115547.195000",
      "InstanceNumber": 1,
      "LargestImagePixelValue": 37032,
      "MRAcquisitionType": "2D",
      "MagneticFieldStrength": 3.0,
      "Manufacturer": "SIEMENS",
      "ManufacturerModelName": "Prisma",
      "Modality": "MR",
      "NumberOfAverages": 1.0,
      "NumberOfPhaseEncodingSteps": 96,
      "PercentPhaseFieldOfView": 100.0,
      "PercentSampling": 100.0,
      "PerformedProcedureStepStartTime": "110525.660000",
      "PhotometricInterpretation": "MONOCHROME2",
      "PixelBandwidth": 2265.0,
      "PixelRepresentation": 0,
      "PixelSpacing": [2.5, 2.5],
      "ProtocolName": "EPI_PSAP_iso2.5",
      "RepetitionTime": 2000.0,
      "Rows": 768,
      "SAR": 0.08688004483242,
      "SamplesPerPixel": 1,
      "ScanOptions": "FS",
      "ScanningSequence": "EP",
      "SequenceName": "epfid2d1_96",
      "SequenceVariant": [
        "SK",
        "SS"
],
      "SeriesDescription": "EPI_PSAP_iso2.5_SBRef",
      "SeriesNumber": 5,
      "SeriesTime": "115547.191000",
      "SliceLocation": -52.003768414311,
      "SliceThickness": 2.5,
      "SmallestImagePixelValue": 0,
      "SoftwareVersions": "syngo MR E11",
      "SpacingBetweenSlices": 2.5000000412857,
      "SpecificCharacterSet": "ISO_IR 100",
      "StudyID": "1",
      "StudyTime": "110525.584000",
      "TransmitCoilName": "Body",
      "VariableFlipAngleFlag": "N",
      "WindowCenter": 8320.0,
      "WindowCenterWidthExplanation": "Algo1",
      "WindowWidth": 17967.0,
      "dBdt": 0.0},
    "slices": {}
  }
}